GEM
  remote: https://rubygems.org/
  specs:
    activemodel (3.2.14)
      activesupport (= 3.2.14)
      builder (~> 3.0.0)
    activerecord (3.2.14)
      activemodel (= 3.2.14)
      activesupport (= 3.2.14)
      arel (~> 3.0.2)
      tzinfo (~> 0.3.29)
    activesupport (3.2.14)
      i18n (~> 0.6, >= 0.6.4)
      multi_json (~> 1.0)
    arel (3.0.2)
    builder (3.0.4)
    database_cleaner (1.1.1)
    diff-lcs (1.2.4)
    factory_girl (4.2.0)
      activesupport (>= 3.0.0)
    fivemat (1.2.1)
    i18n (0.6.5)
    json (1.8.0)
    metasploit_data_models (0.16.6)
      activerecord (>= 3.2.13)
      activesupport
      pg
    mini_portile (0.5.1)
    msgpack (0.5.5)
    multi_json (1.0.4)
    network_interface (0.0.1)
    nokogiri (1.6.0)
      mini_portile (~> 0.5.0)
    packetfu (1.1.9)
    pcaprub (0.11.3)
    pg (0.16.0)
    rake (10.1.0)
    redcarpet (3.0.0)
    robots (0.10.1)
    rspec (2.14.1)
      rspec-core (~> 2.14.0)
      rspec-expectations (~> 2.14.0)
      rspec-mocks (~> 2.14.0)
    rspec-core (2.14.5)
    rspec-expectations (2.14.2)
      diff-lcs (>= 1.1.3, < 2.0)
    rspec-mocks (2.14.3)
    shoulda-matchers (2.3.0)
      activesupport (>= 3.0.0)
    simplecov (0.5.4)
      multi_json (~> 1.0.3)
      simplecov-html (~> 0.5.3)
    simplecov-html (0.5.3)
    timecop (0.6.3)
    tzinfo (0.3.37)
    yard (0.8.7)

PLATFORMS
  ruby

DEPENDENCIES
  activerecord
  activesupport (>= 3.0.0)
  database_cleaner
  factory_girl (>= 4.1.0)
  fivemat (= 1.2.1)
  json
  metasploit_data_models (~> 0.16.6)
  msgpack
  network_interface (~> 0.0.1)
  nokogiri
  packetfu (= 1.1.9)
  pcaprub
  pg (>= 0.11)
  rake (>= 10.0.0)
  redcarpet
  robots
  rspec (>= 2.12)
  shoulda-matchers
  simplecov (= 0.5.4)
  timecop
  yard
